PATH
  remote: .
  specs:
    os (1.1.4)

GEM
  remote: http://rubygems.org/
  specs:
    diff-lcs (1.5.0)
    power_assert (2.0.2)
    rake (0.9.6)
    rspec (2.99.0)
      rspec-core (~> 2.99.0)
      rspec-expectations (~> 2.99.0)
      rspec-mocks (~> 2.99.0)
    rspec-core (2.99.2)
    rspec-expectations (2.99.2)
      diff-lcs (>= 1.1.3, < 2.0)
    rspec-mocks (2.99.4)
    test-unit (3.5.5)
      power_assert

PLATFORMS
  ruby

DEPENDENCIES
  os!
  rake (~> 0.8)
  rspec (~> 2.99)
  test-unit (~> 3.5)

BUNDLED WITH
   1.17.3
