PATH
  remote: .
  specs:
    os (1.1.4)

GEM
  remote: http://rubygems.org/
  specs:
    diff-lcs (1.5.0)
    power_assert (2.0.2)
    rake (10.5.0)
    rspec (3.12.0)
      rspec-core (~> 3.12.0)
      rspec-expectations (~> 3.12.0)
      rspec-mocks (~> 3.12.0)
    rspec-core (3.12.0)
      rspec-support (~> 3.12.0)
    rspec-expectations (3.12.0)
      diff-lcs (>= 1.2.0, < 2.0)
      rspec-support (~> 3.12.0)
    rspec-mocks (3.12.1)
      diff-lcs (>= 1.2.0, < 2.0)
      rspec-support (~> 3.12.0)
    rspec-support (3.12.0)
    test-unit (3.5.5)
      power_assert

PLATFORMS
  x86_64-darwin-19

DEPENDENCIES
  os!
  rake (~> 10.5)
  rspec (~> 3.12)
  test-unit (~> 3.5)

BUNDLED WITH
   2.3.26
