PATH
  remote: .
  specs:
    os (1.1.4)

GEM
  remote: http://rubygems.org/
  specs:
    diff-lcs (1.5.0)
    power_assert (2.0.1)
    rake (0.9.6)
    rspec (2.5.0)
      rspec-core (~> 2.5.0)
      rspec-expectations (~> 2.5.0)
      rspec-mocks (~> 2.5.0)
    rspec-core (2.5.2)
    rspec-expectations (2.5.0)
      diff-lcs (~> 1.1.2)
    rspec-mocks (2.5.0)
    test-unit (3.2.3)
      power_assert

PLATFORMS
  arm64-darwin-21

DEPENDENCIES
  os!
  rake (~> 0.8)
  rspec (~> 2.5.0)
  test-unit (~> 3.2.0)

BUNDLED WITH
   2.3.13
